GEM
  remote: http://rubygems.org/
  specs:
    activesupport (3.0.3)
    addressable (2.2.6)
    eventmachine (0.12.10)
    faraday (0.5.7)
      addressable (~> 2.2.4)
      multipart-post (~> 1.1.0)
      rack (< 2, >= 1.1.0)
    hammurabi (1.0)
    i18n (0.6.0)
    mime-types (1.16)
    multipart-post (1.1.2)
    notify (0.3.0)
    rack (1.2.2)
    simple_oauth (0.1.5)
    tinder (1.4.4)
      activesupport
      eventmachine
      faraday (~> 0.5.1)
      mime-types
      multipart-post
      twitter-stream
    twitter-stream (0.1.13)
      eventmachine (~> 0.12.8)
      simple_oauth (~> 0.1.4)
    yajl-ruby (0.7.7)

PLATFORMS
  ruby

DEPENDENCIES
  hammurabi
  i18n
  notify
  tinder
  yajl-ruby
